GEM
  remote: http://rubygems.org/
  specs:
    activemodel (3.2.11)
      activesupport (= 3.2.11)
      builder (~> 3.0.0)
    activesupport (3.2.11)
      i18n (~> 0.6)
      multi_json (~> 1.0)
    addressable (2.3.2)
    builder (3.0.4)
    coderay (1.0.8)
    i18n (0.6.1)
    json (1.7.6)
    method_source (0.8.1)
    mime-types (1.19)
    multi_json (1.5.0)
    oauth (0.4.7)
    pry (0.9.11.2)
      coderay (~> 1.0.5)
      method_source (~> 0.8)
      slop (~> 3.4)
    rest-client (1.6.7)
      mime-types (>= 1.16)
    ruby-trello (0.4.4.3)
      activemodel
      addressable (~> 2.3)
      json
      oauth (~> 0.4.5)
      rest-client (~> 1.6.7)
    slop (3.4.3)

PLATFORMS
  ruby

DEPENDENCIES
  pry
  ruby-trello
